PATH
  remote: .
  specs:
    genghisapp (2.3.11)
      json (>= 1.7.0, < 1.9.0)
      mongo (>= 1.8.0, <= 1.9.2)
      sinatra (>= 1.3.3, < 1.5.0)
      sinatra-contrib (>= 1.3.1, < 1.5.0)
      sinatra-mustache (>= 0.0.4, < 0.4.0)
      vegas (~> 0.1.8)

GEM
  remote: https://rubygems.org/
  specs:
    POpen4 (0.1.4)
      Platform (>= 0.4.0)
      open4
    Platform (0.4.0)
    activesupport (4.1.8)
      i18n (~> 0.6, >= 0.6.9)
      json (~> 1.7, >= 1.7.7)
      minitest (~> 5.1)
      thread_safe (~> 0.1)
      tzinfo (~> 1.1)
    allison (2.0.3)
    backports (3.6.4)
    bson (1.9.2)
    bson_ext (1.9.2)
      bson (~> 1.9.2)
    celluloid (0.16.0)
      timers (~> 4.0.0)
    coderay (1.1.0)
    commonjs (0.2.7)
    diff-lcs (1.2.5)
    echoe (4.6.6)
      allison (>= 2.0.3)
      rake (>= 0.9.2)
      rdoc (>= 2.5.11)
      rubyforge (>= 2.0.4)
    execjs (2.2.2)
    faraday (0.9.0)
      multipart-post (>= 1.2, < 3)
    ffi (1.9.6)
    formatador (0.2.5)
    guard (2.10.2)
      formatador (>= 0.2.4)
      listen (~> 2.7)
      lumberjack (~> 1.0)
      pry (>= 0.9.12)
      thor (>= 0.18.1)
    guard-compat (0.3.0)
    guard-rake (1.0.0)
      guard
      rake
    guard-rspec (4.4.2)
      guard (~> 2.1)
      guard-compat (~> 0.1)
      rspec (>= 2.99.0, < 4.0)
    hitimes (1.2.2)
    html_compressor (0.0.3)
      POpen4 (>= 0.1.4)
    i18n (0.6.11)
    json (1.8.1)
    json_expressions (0.8.3)
    json_pure (1.8.1)
    less (2.6.0)
      commonjs (~> 0.2.7)
    libv8 (3.16.14.7)
    listen (2.8.3)
      celluloid (>= 0.15.2)
      rb-fsevent (>= 0.9.3)
      rb-inotify (>= 0.9)
    lumberjack (1.0.9)
    method_source (0.8.2)
    minitest (5.4.3)
    mongo (1.9.2)
      bson (~> 1.9.2)
    multi_json (1.10.1)
    multipart-post (2.0.0)
    mustache (0.99.8)
    open4 (1.3.4)
    pry (0.10.1)
      coderay (~> 1.1.0)
      method_source (~> 0.8.1)
      slop (~> 3.4)
    rack (1.5.2)
    rack-protection (1.5.3)
      rack
    rack-test (0.6.2)
      rack (>= 1.0)
    rainpress (1.0)
      echoe
    rake (10.4.2)
    rb-fchange (0.0.6)
      ffi
    rb-fsevent (0.9.4)
    rb-inotify (0.9.5)
      ffi (>= 0.5.0)
    rdoc (4.2.0)
      json (~> 1.4)
    ref (1.0.5)
    rspec (3.1.0)
      rspec-core (~> 3.1.0)
      rspec-expectations (~> 3.1.0)
      rspec-mocks (~> 3.1.0)
    rspec-core (3.1.7)
      rspec-support (~> 3.1.0)
    rspec-expectations (3.1.2)
      diff-lcs (>= 1.2.0, < 2.0)
      rspec-support (~> 3.1.0)
    rspec-mocks (3.1.3)
      rspec-support (~> 3.1.0)
    rspec-support (3.1.2)
    rubyforge (2.0.4)
      json_pure (>= 1.1.7)
    sinatra (1.4.5)
      rack (~> 1.4)
      rack-protection (~> 1.4)
      tilt (~> 1.3, >= 1.3.4)
    sinatra-contrib (1.4.2)
      backports (>= 2.0)
      multi_json
      rack-protection
      rack-test
      sinatra (~> 1.4.0)
      tilt (~> 1.3)
    sinatra-mustache (0.3.2)
      mustache (~> 0.99, >= 0.99.6)
      sinatra (~> 1.4, ~> 1.3)
      tilt (>= 1.3, <= 2.0)
    slop (3.6.0)
    therubyracer (0.12.1)
      libv8 (~> 3.16.14.0)
      ref
    thor (0.19.1)
    thread_safe (0.3.4)
    tilt (1.4.1)
    timers (4.0.1)
      hitimes
    tzinfo (1.2.2)
      thread_safe (~> 0.1)
    uglifier (2.5.3)
      execjs (>= 0.3.0)
      json (>= 1.8.0)
    vegas (0.1.11)
      rack (>= 1.0.0)

PLATFORMS
  ruby

DEPENDENCIES
  activesupport
  bson_ext
  faraday
  genghisapp!
  guard
  guard-rake
  guard-rspec
  html_compressor
  json_expressions
  less
  rainpress
  rake
  rb-fchange
  rb-fsevent
  rb-inotify
  rspec
  therubyracer
  uglifier
